PATH
  remote: .
  specs:
    regex2string (0.0.1)
      faker
      randexp

GEM
  remote: http://rubygems.org/
  specs:
    coderay (1.1.0)
    diff-lcs (1.2.5)
    faker (1.3.0)
      i18n (~> 0.5)
    ffi (1.9.3-java)
    i18n (0.6.9)
    method_source (0.8.2)
    pry (0.9.12.6-java)
      coderay (~> 1.0)
      method_source (~> 0.8)
      slop (~> 3.4)
      spoon (~> 0.0)
    randexp (0.1.7)
    rspec (2.14.1)
      rspec-core (~> 2.14.0)
      rspec-expectations (~> 2.14.0)
      rspec-mocks (~> 2.14.0)
    rspec-core (2.14.8)
    rspec-expectations (2.14.5)
      diff-lcs (>= 1.1.3, < 2.0)
    rspec-mocks (2.14.6)
    slop (3.5.0)
    spoon (0.0.4)
      ffi

PLATFORMS
  java

DEPENDENCIES
  bundler (~> 1.3)
  pry
  regex2string!
  rspec (~> 2.14.1)
